PATH
  remote: .
  specs:
    glossaby (0.1.0)
      commander (~> 5.0.0)
      pdf-reader (~> 2.13.0)
      redcarpet (~> 3.6.0)
      ruby-spacy (~> 0.2.3)
      terminal-table (~> 3.0.2)

GEM
  remote: https://rubygems.org/
  specs:
    Ascii85 (2.0.1)
    afm (0.2.2)
    ast (2.4.2)
    bigdecimal (3.1.9)
    commander (5.0.0)
      highline (~> 3.0.0)
    diff-lcs (1.5.1)
    event_stream_parser (1.0.0)
    faraday (2.12.2)
      faraday-net_http (>= 2.0, < 3.5)
      json
      logger
    faraday-multipart (1.1.0)
      multipart-post (~> 2.0)
    faraday-net_http (3.4.0)
      net-http (>= 0.5.0)
    hashery (2.1.2)
    highline (3.0.1)
    json (2.9.1)
    language_server-protocol (3.17.0.3)
    logger (1.6.5)
    multipart-post (2.4.1)
    net-http (0.6.0)
      uri
    numpy (0.4.0)
      pycall (>= 1.2.0.beta1)
    parallel (1.26.3)
    parser (3.3.7.0)
      ast (~> 2.4.1)
      racc
    pdf-reader (2.13.0)
      Ascii85 (>= 1.0, < 3.0, != 2.0.0)
      afm (~> 0.2.1)
      hashery (~> 2.0)
      ruby-rc4
      ttfunk
    pycall (1.5.2)
    racc (1.8.1)
    rainbow (3.1.1)
    rake (13.2.1)
    redcarpet (3.6.0)
    regexp_parser (2.10.0)
    rspec (3.13.0)
      rspec-core (~> 3.13.0)
      rspec-expectations (~> 3.13.0)
      rspec-mocks (~> 3.13.0)
    rspec-core (3.13.2)
      rspec-support (~> 3.13.0)
    rspec-expectations (3.13.3)
      diff-lcs (>= 1.2.0, < 2.0)
      rspec-support (~> 3.13.0)
    rspec-mocks (3.13.2)
      diff-lcs (>= 1.2.0, < 2.0)
      rspec-support (~> 3.13.0)
    rspec-support (3.13.2)
    rubocop (1.70.0)
      json (~> 2.3)
      language_server-protocol (>= 3.17.0)
      parallel (~> 1.10)
      parser (>= 3.3.0.2)
      rainbow (>= 2.2.2, < 4.0)
      regexp_parser (>= 2.9.3, < 3.0)
      rubocop-ast (>= 1.36.2, < 2.0)
      ruby-progressbar (~> 1.7)
      unicode-display_width (>= 2.4.0, < 4.0)
    rubocop-ast (1.37.0)
      parser (>= 3.3.1.0)
    rubocop-rspec (3.3.0)
      rubocop (~> 1.61)
    ruby-openai (7.3.1)
      event_stream_parser (>= 0.3.0, < 2.0.0)
      faraday (>= 1)
      faraday-multipart (>= 1)
    ruby-progressbar (1.13.0)
    ruby-rc4 (0.1.5)
    ruby-spacy (0.2.3)
      numpy (~> 0.4.0)
      pycall (~> 1.5.1)
      ruby-openai
      terminal-table (~> 3.0.1)
    terminal-table (3.0.2)
      unicode-display_width (>= 1.1.1, < 3)
    ttfunk (1.8.0)
      bigdecimal (~> 3.1)
    unicode-display_width (2.6.0)
    uri (1.0.2)

PLATFORMS
  amd64-freebsd-15
  ruby

DEPENDENCIES
  glossaby!
  rake (~> 13.0)
  rspec (~> 3.0)
  rubocop (~> 1.21)
  rubocop-rspec (~> 3.3.0)

BUNDLED WITH
   2.5.22
